GIT
  remote: https://github.com/rubysec/bundler-audit
  revision: 6e2e298aebb0707a1b62c08c005335ecd130aa66
  specs:
    bundler-audit (0.6.0)
      bundler (~> 1.2)
      thor (~> 0.18)

PATH
  remote: .
  specs:
    bgs (0.1)
      nokogiri (~> 1.8.1)
      savon (~> 2.11)

GEM
  remote: https://rubygems.org/
  specs:
    akami (1.3.1)
      gyoku (>= 0.4.0)
      nokogiri
    ast (2.3.0)
    builder (3.2.3)
    coderay (1.1.2)
    gyoku (1.3.1)
      builder (>= 2.1.2)
    httpi (2.4.2)
      rack
      socksify
    method_source (0.9.0)
    mini_portile2 (2.3.0)
    nokogiri (1.8.1)
      mini_portile2 (~> 2.3.0)
    nori (2.6.0)
    parallel (1.12.0)
    parser (2.4.0.0)
      ast (~> 2.2)
    powerpack (0.1.1)
    pry (0.11.1)
      coderay (~> 1.1.0)
      method_source (~> 0.9.0)
    rack (2.0.3)
    rainbow (2.2.2)
      rake
    rake (12.1.0)
    rubocop (0.50.0)
      parallel (~> 1.10)
      parser (>= 2.3.3.1, < 3.0)
      powerpack (~> 0.1)
      rainbow (>= 2.2.2, < 3.0)
      ruby-progressbar (~> 1.7)
      unicode-display_width (~> 1.0, >= 1.0.1)
    ruby-progressbar (1.9.0)
    savon (2.11.2)
      akami (~> 1.2)
      builder (>= 2.1.2)
      gyoku (~> 1.2)
      httpi (~> 2.3)
      nokogiri (>= 1.4.0)
      nori (~> 2.4)
      wasabi (~> 3.4)
    socksify (1.7.1)
    thor (0.20.0)
    unicode-display_width (1.3.0)
    wasabi (3.5.0)
      httpi (~> 2.0)
      nokogiri (>= 1.4.2)

PLATFORMS
  ruby

DEPENDENCIES
  bgs!
  bundler-audit!
  pry
  rake
  rubocop

BUNDLED WITH
   1.15.4
